PATH
  remote: .
  specs:
    network_resiliency (0.0.2)

GEM
  remote: https://rubygems.org/
  specs:
    base64 (0.1.1)
    byebug (11.1.3)
    connection_pool (2.4.1)
    ddtrace (1.14.0)
      debase-ruby_core_source (= 3.2.1)
      libdatadog (~> 3.0.0.1.0)
      libddwaf (~> 1.9.0.0.0)
      msgpack
    debase-ruby_core_source (3.2.1)
    diff-lcs (1.5.0)
    docile (1.4.0)
    dogstatsd-ruby (4.8.3)
    faraday (2.7.11)
      base64
      faraday-net_http (>= 2.0, < 3.1)
      ruby2_keywords (>= 0.0.4)
    faraday-net_http (3.0.2)
    faraday-rack (2.0.0)
      faraday (~> 2.0)
    ffi (1.15.5)
    libdatadog (3.0.0.1.0)
    libddwaf (1.9.0.0.1)
      ffi (~> 1.0)
    msgpack (1.7.2)
    rack (3.0.8)
    rack-test (2.1.0)
      rack (>= 1.3)
    redis (5.0.7)
      redis-client (>= 0.9.0)
    redis-client (0.17.0)
      connection_pool
    rspec (3.12.0)
      rspec-core (~> 3.12.0)
      rspec-expectations (~> 3.12.0)
      rspec-mocks (~> 3.12.0)
    rspec-core (3.12.2)
      rspec-support (~> 3.12.0)
    rspec-expectations (3.12.3)
      diff-lcs (>= 1.2.0, < 2.0)
      rspec-support (~> 3.12.0)
    rspec-mocks (3.12.6)
      diff-lcs (>= 1.2.0, < 2.0)
      rspec-support (~> 3.12.0)
    rspec-support (3.12.1)
    ruby2_keywords (0.0.5)
    simplecov (0.22.0)
      docile (~> 1.1)
      simplecov-html (~> 0.11)
      simplecov_json_formatter (~> 0.1)
    simplecov-html (0.12.3)
    simplecov_json_formatter (0.1.4)

PLATFORMS
  ruby

DEPENDENCIES
  byebug
  ddtrace (>= 1)
  dogstatsd-ruby (<= 4.8.3)
  faraday
  faraday-rack
  network_resiliency!
  rack
  rack-test
  redis
  redis-client (>= 0.10)
  rspec
  simplecov

BUNDLED WITH
   2.4.19
