PATH
  remote: .
  specs:
    network_resiliency (0.3.0)

GEM
  remote: https://rubygems.org/
  specs:
    byebug (11.1.3)
    datadog-ci (0.2.0)
      msgpack
    ddtrace (1.15.0)
      datadog-ci (~> 0.2.0)
      debase-ruby_core_source (= 3.2.2)
      libdatadog (~> 5.0.0.1.0)
      libddwaf (~> 1.14.0.0.0)
      msgpack
    debase-ruby_core_source (3.2.2)
    diff-lcs (1.5.0)
    docile (1.4.0)
    dogstatsd-ruby (4.8.3)
    faraday (1.10.3)
      faraday-em_http (~> 1.0)
      faraday-em_synchrony (~> 1.0)
      faraday-excon (~> 1.1)
      faraday-httpclient (~> 1.0)
      faraday-multipart (~> 1.0)
      faraday-net_http (~> 1.0)
      faraday-net_http_persistent (~> 1.0)
      faraday-patron (~> 1.0)
      faraday-rack (~> 1.0)
      faraday-retry (~> 1.0)
      ruby2_keywords (>= 0.0.4)
    faraday-em_http (1.0.0)
    faraday-em_synchrony (1.0.0)
    faraday-excon (1.1.0)
    faraday-httpclient (1.0.1)
    faraday-multipart (1.0.4)
      multipart-post (~> 2)
    faraday-net_http (1.0.1)
    faraday-net_http_persistent (1.2.0)
    faraday-patron (1.0.0)
    faraday-rack (1.0.0)
    faraday-retry (1.0.3)
    ffi (1.16.3)
    libdatadog (5.0.0.1.0)
    libddwaf (1.14.0.0.0)
      ffi (~> 1.0)
    msgpack (1.7.2)
    multipart-post (2.3.0)
    mysql2 (0.5.5)
    pg (1.5.4)
    rack (3.0.8)
    rack-test (2.1.0)
      rack (>= 1.3)
    redis (4.8.1)
    rspec (3.12.0)
      rspec-core (~> 3.12.0)
      rspec-expectations (~> 3.12.0)
      rspec-mocks (~> 3.12.0)
    rspec-core (3.12.2)
      rspec-support (~> 3.12.0)
    rspec-expectations (3.12.3)
      diff-lcs (>= 1.2.0, < 2.0)
      rspec-support (~> 3.12.0)
    rspec-mocks (3.12.6)
      diff-lcs (>= 1.2.0, < 2.0)
      rspec-support (~> 3.12.0)
    rspec-support (3.12.1)
    ruby2_keywords (0.0.5)
    simplecov (0.22.0)
      docile (~> 1.1)
      simplecov-html (~> 0.11)
      simplecov_json_formatter (~> 0.1)
    simplecov-html (0.12.3)
    simplecov_json_formatter (0.1.4)

PLATFORMS
  ruby

DEPENDENCIES
  byebug
  ddtrace (>= 1)
  dogstatsd-ruby (<= 4.8.3)
  faraday (~> 1)
  faraday-rack
  mysql2 (>= 0.5)
  network_resiliency!
  pg (~> 1.1)
  rack
  rack-test
  redis (~> 4)
  rspec
  simplecov

BUNDLED WITH
   2.4.19
