PATH
  remote: .
  specs:
    network_resiliency (0.0.1)
      faraday

GEM
  remote: https://rubygems.org/
  specs:
    byebug (11.1.3)
    codecov (0.2.12)
      json
      simplecov
    connection_pool (2.4.1)
    diff-lcs (1.5.0)
    docile (1.4.0)
    faraday (2.7.10)
      faraday-net_http (>= 2.0, < 3.1)
      ruby2_keywords (>= 0.0.4)
    faraday-net_http (3.0.2)
    faraday-rack (1.0.0)
    json (2.6.3)
    rack (3.0.8)
    rack-test (2.1.0)
      rack (>= 1.3)
    redis (5.0.7)
      redis-client (>= 0.9.0)
    redis-client (0.15.0)
      connection_pool
    rspec (3.12.0)
      rspec-core (~> 3.12.0)
      rspec-expectations (~> 3.12.0)
      rspec-mocks (~> 3.12.0)
    rspec-core (3.12.2)
      rspec-support (~> 3.12.0)
    rspec-expectations (3.12.3)
      diff-lcs (>= 1.2.0, < 2.0)
      rspec-support (~> 3.12.0)
    rspec-mocks (3.12.5)
      diff-lcs (>= 1.2.0, < 2.0)
      rspec-support (~> 3.12.0)
    rspec-support (3.12.0)
    ruby2_keywords (0.0.5)
    simplecov (0.22.0)
      docile (~> 1.1)
      simplecov-html (~> 0.11)
      simplecov_json_formatter (~> 0.1)
    simplecov-html (0.12.3)
    simplecov_json_formatter (0.1.4)

PLATFORMS
  x86_64-darwin-19
  x86_64-darwin-20
  x86_64-darwin-21
  x86_64-linux

DEPENDENCIES
  byebug
  codecov
  faraday-rack
  network_resiliency!
  rack
  rack-test
  redis
  redis-client (>= 0.10)
  rspec
  simplecov

BUNDLED WITH
   2.2.20
